GEM
  remote: http://rubygems.org/
  specs:
    activesupport (4.2.7.1)
      i18n (~> 0.7)
      json (~> 1.7, >= 1.7.7)
      minitest (~> 5.1)
      thread_safe (~> 0.3, >= 0.3.4)
      tzinfo (~> 1.1)
    addressable (2.5.0)
      public_suffix (~> 2.0, >= 2.0.2)
    autoparse (0.3.3)
      addressable (>= 2.3.1)
      extlib (>= 0.9.15)
      multi_json (>= 1.0.0)
    cleverbot-api (0.0.4)
    cleverbot_io (1.2.2)
      httpclient (~> 2.8)
      oj (~> 2.15)
    coderay (1.1.1)
    discordrb (3.1.1)
      activesupport
      opus-ruby
      rbnacl
      rest-client
      websocket-client-simple (>= 0.3.0)
    domain_name (0.5.20161129)
      unf (>= 0.0.5, < 1.0.0)
    event_emitter (0.2.5)
    extlib (0.9.16)
    faraday (0.9.2)
      multipart-post (>= 1.2, < 3)
    faraday_middleware (0.9.2)
      faraday (>= 0.7.4, < 0.10)
    ffi (1.9.17-x64-mingw32)
    ffi (1.9.17-x86-mingw32)
    gemstone (0.4.1)
    google-api-client (0.8.7)
      activesupport (>= 3.2, < 5.0)
      addressable (~> 2.3)
      autoparse (~> 0.3)
      extlib (~> 0.9)
      faraday (~> 0.9)
      googleauth (~> 0.3)
      launchy (~> 2.4)
      multi_json (~> 1.10)
      retriable (~> 1.4)
      signet (~> 0.6)
    google_custom_search_api (2.0.0)
      addressable
      httparty
    googleauth (0.5.1)
      faraday (~> 0.9)
      jwt (~> 1.4)
      logging (~> 2.0)
      memoist (~> 0.12)
      multi_json (~> 1.11)
      os (~> 0.9)
      signet (~> 0.7)
    http-cookie (1.0.3)
      domain_name (~> 0.5)
    httparty (0.14.0)
      multi_xml (>= 0.5.2)
    httpclient (2.8.3)
    i18n (0.7.0)
    john-doe (0.1.9)
    json (1.8.6)
    jwt (1.5.6)
    launchy (2.4.3)
      addressable (~> 2.3)
    little-plugger (1.1.4)
    logging (2.1.0)
      little-plugger (~> 1.1)
      multi_json (~> 1.10)
    memoist (0.15.0)
    method_source (0.8.2)
    mime-types (3.1)
      mime-types-data (~> 3.2015)
    mime-types-data (3.2016.0521)
    mini_portile2 (2.1.0)
    minitest (5.10.1)
    multi_json (1.12.1)
    multi_xml (0.6.0)
    multipart-post (2.0.0)
    net_http_ssl_fix (0.0.6)
    netrc (0.11.0)
    nokogiri (1.7.0.1)
      mini_portile2 (~> 2.1.0)
    nokogiri (1.7.0.1-x64-mingw32)
      mini_portile2 (~> 2.1.0)
    nokogiri (1.7.0.1-x86-mingw32)
      mini_portile2 (~> 2.1.0)
    oauth (0.5.1)
    oj (2.18.1)
    opus-ruby (1.0.1)
      ffi
    os (0.9.6)
    pry (0.10.4)
      coderay (~> 1.1.0)
      method_source (~> 0.8.1)
      slop (~> 3.4)
    public_suffix (2.0.5)
    rbnacl (4.0.1)
      ffi
    rest-client (2.0.0)
      http-cookie (>= 1.0.2, < 2.0)
      mime-types (>= 1.16, < 4.0)
      netrc (~> 0.8)
    rest-client (2.0.0-x64-mingw32)
      ffi (~> 1.9)
      http-cookie (>= 1.0.2, < 2.0)
      mime-types (>= 1.16, < 4.0)
      netrc (~> 0.8)
    rest-client (2.0.0-x86-mingw32)
      ffi (~> 1.9)
      http-cookie (>= 1.0.2, < 2.0)
      mime-types (>= 1.16, < 4.0)
      netrc (~> 0.8)
    retriable (1.4.1)
    signet (0.7.3)
      addressable (~> 2.3)
      faraday (~> 0.9)
      jwt (~> 1.5)
      multi_json (~> 1.10)
    simple_oauth (0.3.1)
    slop (3.6.0)
    thread_safe (0.3.5)
    tumblr_client (0.8.5)
      faraday (~> 0.9.0)
      faraday_middleware (~> 0.9.0)
      json
      mime-types
      oauth
      simple_oauth
    twitter-text (1.14.5)
      unf (~> 0.1.0)
    tzinfo (1.2.2)
      thread_safe (~> 0.1)
    unf (0.1.4)
      unf_ext
    unf_ext (0.0.7.2)
    unf_ext (0.0.7.2-x64-mingw32)
    unf_ext (0.0.7.2-x86-mingw32)
    websocket (1.2.3)
    websocket-client-simple (0.3.0)
      event_emitter
      websocket
    yourub (2.0.3)
      google-api-client (~> 0.7, < 0.9)

PLATFORMS
  ruby
  x64-mingw32
  x86-mingw32

DEPENDENCIES
  cleverbot-api
  cleverbot_io
  discordrb
  gemstone
  google_custom_search_api
  httparty
  john-doe
  json
  multi_json
  net_http_ssl_fix
  nokogiri
  pry
  tumblr_client
  twitter-text
  yourub

BUNDLED WITH
   1.13.6
